GEM
  remote: http://rubygems.org/
  remote: http://amee:aeC5ahx4@gems.amee.com/
  specs:
    actionmailer (2.3.11)
      actionpack (= 2.3.11)
    actionpack (2.3.11)
      activesupport (= 2.3.11)
      rack (~> 1.1.0)
    activerecord (2.3.11)
      activesupport (= 2.3.11)
    activeresource (2.3.11)
      activesupport (= 2.3.11)
    activesupport (2.3.11)
    amee (2.6.0)
      activesupport (~> 2.3.5)
      json
      log4r
      nokogiri (~> 1.4.3.1)
      rspec_spinner
    json (1.5.3)
    log4r (1.1.9)
    nokogiri (1.4.3.1)
    rack (1.1.2)
    rails (2.3.11)
      actionmailer (= 2.3.11)
      actionpack (= 2.3.11)
      activerecord (= 2.3.11)
      activeresource (= 2.3.11)
      activesupport (= 2.3.11)
      rake (>= 0.8.3)
    rake (0.9.2)
    rspec_spinner (2.0.0)
      rtui
    rtui (0.2.2)

PLATFORMS
  ruby

DEPENDENCIES
  amee (~> 2.6)
  rails (= 2.3.11)
