GEM
  remote: http://rubygems.org/
  remote: http://amee:aeC5ahx4@gems.amee.com/
  specs:
    actionmailer (2.3.11)
      actionpack (= 2.3.11)
    actionpack (2.3.11)
      activesupport (= 2.3.11)
      rack (~> 1.1.0)
    activerecord (2.3.11)
      activesupport (= 2.3.11)
    activeresource (2.3.11)
      activesupport (= 2.3.11)
    activesupport (2.3.11)
    amee (3.0.1)
      activesupport (~> 2.3.5)
      json
      log4r
      nokogiri (~> 1.4.3.1)
    google_visualr (2.0.6)
    i18n (0.6.0)
    json (1.6.1)
    log4r (1.1.9)
    nokogiri (1.4.3.1)
    quantify (1.2.2)
      activesupport
      i18n
    rack (1.1.2)
    rails (2.3.11)
      actionmailer (= 2.3.11)
      actionpack (= 2.3.11)
      activerecord (= 2.3.11)
      activeresource (= 2.3.11)
      activesupport (= 2.3.11)
      rake (>= 0.8.3)
    rake (0.9.2)

PLATFORMS
  ruby

DEPENDENCIES
  amee (~> 3.0.1)
  google_visualr (= 2.0.6)
  quantify (= 1.2.2)
  rails (= 2.3.11)
